GEM
  remote: http://rubygems.org/
  specs:
    RedCloth (4.2.3)
    actionmailer (2.3.10)
      actionpack (= 2.3.10)
    actionpack (2.3.10)
      activesupport (= 2.3.10)
      rack (~> 1.1.0)
    activerecord (2.3.10)
      activesupport (= 2.3.10)
    activeresource (2.3.10)
      activesupport (= 2.3.10)
    activesupport (2.3.10)
    acts_as_ferret (0.4.8.2)
      jk-ferret (>= 0.11.8)
    aws-s3 (0.6.2)
      builder
      mime-types
      xml-simple
    builder (3.0.0)
    factory_girl (1.3.2)
    faker (0.9.4)
      i18n (~> 0.4)
    ferret (0.11.6)
      rake (> 0.0.0)
    haml (3.0.6)
    i18n (0.5.0)
    icalendar (1.1.5)
    jk-ferret (0.11.8.2)
      rake
    mime-types (1.16)
    paperclip (2.1.2)
    rack (1.1.0)
    rails (2.3.10)
      actionmailer (= 2.3.10)
      actionpack (= 2.3.10)
      activerecord (= 2.3.10)
      activeresource (= 2.3.10)
      activesupport (= 2.3.10)
      rake (>= 0.8.3)
    rake (0.8.7)
    right_aws (2.0.0)
      right_http_connection (>= 1.2.1)
    right_http_connection (1.2.4)
    rspec (1.2.9)
    rspec-rails (1.2.9)
      rack (>= 1.0.0)
      rspec (>= 1.2.9)
    ruby-openid (2.1.8)
    sqlite3-ruby (1.3.2)
    xml-simple (1.0.12)

PLATFORMS
  ruby

DEPENDENCIES
  RedCloth (>= 4.0.0)
  actionmailer (>= 2.1.0)
  acts_as_ferret (>= 0.4.4)
  aws-s3
  factory_girl
  faker (~> 0.9.4)
  ferret (>= 0.11.6)
  haml (= 3.0.6)
  icalendar (>= 1.0.2)
  paperclip (= 2.1.2)
  rails (~> 2.3.3)
  right_aws
  rspec (~> 1.2.0)
  rspec-rails (~> 1.2.0)
  ruby-openid (>= 2.1.2)
  sqlite3-ruby
